GEM
  remote: https://rubygems.org/
  specs:
    addressable (2.3.8)
    concurrent-ruby (1.0.5)
    connection_pool (2.2.1)
    dotenv (2.2.1)
    excon (0.57.1)
    faraday (0.9.2)
      multipart-post (>= 1.2, < 3)
    google-protobuf (3.3.0)
    googleauth (0.5.1)
      faraday (~> 0.9)
      jwt (~> 1.4)
      logging (~> 2.0)
      memoist (~> 0.12)
      multi_json (~> 1.11)
      os (~> 0.9)
      signet (~> 0.7)
    grpc (1.3.4)
      google-protobuf (~> 3.1)
      googleauth (~> 0.5.1)
    json (1.8.6)
    jwt (1.5.6)
    little-plugger (1.1.4)
    logging (2.2.2)
      little-plugger (~> 1.1)
      multi_json (~> 1.10)
    mandrill-api (1.0.53)
      excon (>= 0.16.0, < 1.0)
      json (>= 1.7.7, < 2.0)
    memoist (0.16.0)
    multi_json (1.12.0)
    multipart-post (2.0.0)
    os (0.9.6)
    rack (2.0.3)
    rack-protection (2.0.0)
      rack
    redis (3.3.3)
    sidekiq (5.0.4)
      concurrent-ruby (~> 1.0)
      connection_pool (~> 2.2, >= 2.2.0)
      rack-protection (>= 1.5.0)
      redis (~> 3.3, >= 3.3.3)
    signet (0.7.3)
      addressable (~> 2.3)
      faraday (~> 0.9)
      jwt (~> 1.5)
      multi_json (~> 1.10)

PLATFORMS
  ruby

DEPENDENCIES
  dotenv
  grpc
  mandrill-api
  sidekiq

BUNDLED WITH
   1.14.6
